GEM
  remote: https://rubygems.org/
  specs:
    base64 (0.2.0)
    bson (5.0.2)
    byebug (12.0.0)
    daemons (1.4.1)
    eventmachine (1.2.7)
    json (2.10.2)
    mongo (2.21.0)
      bson (>= 4.14.1, < 6.0.0)
    mustermann (3.0.3)
      ruby2_keywords (~> 0.0.1)
    rack (2.2.13)
    rack-protection (3.2.0)
      base64 (>= 0.1.0)
      rack (~> 2.2, >= 2.2.4)
    ruby2_keywords (0.0.5)
    sinatra (3.2.0)
      mustermann (~> 3.0)
      rack (~> 2.2, >= 2.2.4)
      rack-protection (= 3.2.0)
      tilt (~> 2.0)
    thin (1.8.2)
      daemons (~> 1.0, >= 1.0.9)
      eventmachine (~> 1.0, >= 1.0.4)
      rack (>= 1, < 3)
    tilt (2.6.0)

PLATFORMS
  ruby

DEPENDENCIES
  byebug
  json
  mongo
  sinatra
  thin

BUNDLED WITH
   2.4.19
